GEM
  remote: http://rubygems.org/
  specs:
    geoip-c (0.7.2)
    json (1.5.3)
    rack (1.3.2)
    sinatra (1.2.6)
      rack (~> 1.1)
      tilt (< 2.0, >= 1.2.2)
    tilt (1.3.2)

PLATFORMS
  ruby

DEPENDENCIES
  geoip-c
  json
  sinatra
